GEM
  remote: http://rubygems.org/
  specs:
    json (1.5.1)
    rack (1.2.2)
    sinatra (1.1.0)
      rack (~> 1.1)
      tilt (~> 1.1)
    therubyracer (0.5.2)
    tilt (1.1)

PLATFORMS
  ruby

DEPENDENCIES
  json
  rack
  sinatra
  therubyracer (= 0.5.2)
