GEM
  remote: http://rubygems.org/
  specs:
    json (1.5.1)
    rack (1.2.2)
    therubyracer (0.5.2)

PLATFORMS
  ruby

DEPENDENCIES
  json
  rack
  therubyracer (= 0.5.2)
